GEM
  remote: https://rubygems.org/
  specs:
    addressable (2.7.0)
      public_suffix (>= 2.0.2, < 5.0)
    faraday (1.3.0)
      faraday-net_http (~> 1.0)
      multipart-post (>= 1.2, < 3)
      ruby2_keywords
    faraday-net_http (1.0.1)
    inifile (3.0.0)
    map (6.6.0)
    multipart-post (2.1.1)
    public_suffix (4.0.6)
    ruby2_keywords (0.0.4)
    wavefront-sdk (5.4.4)
      addressable (~> 2.7)
      faraday (~> 1.1)
      inifile (~> 3.0)
      map (~> 6.6)

PLATFORMS
  x86_64-solaris-2.11

DEPENDENCIES
  wavefront-sdk (~> 5.4.0)

BUNDLED WITH
   2.2.3
