GEM
  remote: https://rubygems.org/
  specs:
    addressable (2.8.6)
      public_suffix (>= 2.0.2, < 6.0)
    faraday (2.9.1)
      faraday-net_http (>= 2.0, < 3.2)
    faraday-net_http (3.1.0)
      net-http
    inifile (3.0.0)
    map (6.6.0)
    net-http (0.4.1)
      uri
    public_suffix (5.0.5)
    uri (0.13.0)
    wavefront-sdk (8.0.1)
      addressable (~> 2.8)
      faraday (~> 2.7)
      inifile (~> 3.0)
      map (~> 6.6)

PLATFORMS
  x86_64-linux
  x86_64-solaris-2.11

DEPENDENCIES
  wavefront-sdk (~> 8.0.0)

BUNDLED WITH
   2.5.3
